PATH
  remote: ../
  specs:
    axe (0.1.0)
      avro
      poseidon
      retries
      snappy

GEM
  remote: https://rubygems.org/
  specs:
    avro (1.7.7)
      multi_json
    byebug (8.2.0)
    coderay (1.1.0)
    ffi (1.9.10)
    listen (3.0.5)
      rb-fsevent (>= 0.9.3)
      rb-inotify (>= 0.9)
    method_source (0.8.2)
    multi_json (1.11.2)
    poseidon (0.0.5)
    pry (0.10.3)
      coderay (~> 1.1.0)
      method_source (~> 0.8.1)
      slop (~> 3.4)
    pry-byebug (3.3.0)
      byebug (~> 8.0)
      pry (~> 0.10)
    rb-fsevent (0.9.6)
    rb-inotify (0.9.5)
      ffi (>= 0.5.0)
    rerun (0.11.0)
      listen (~> 3.0)
    retries (0.0.5)
    slop (3.6.0)
    snappy (0.0.12)

PLATFORMS
  ruby

DEPENDENCIES
  avro
  axe!
  bundler (~> 1.10)
  poseidon
  pry
  pry-byebug
  rb-fsevent
  rerun

BUNDLED WITH
   1.10.6
